RESTRICTION: >= net461
NUGET
  remote: https://www.nuget.org/api/v2
    Fable.Core (1.3.12) - restriction: && (>= net461) (>= netstandard1.6)
      FSharp.Core (>= 4.2.3) - restriction: && (>= net461) (>= netstandard1.6)
      NETStandard.Library (>= 1.6.1) - restriction: && (>= net461) (>= netstandard1.6)
    Fable.Elmish (1.0.1)
      Fable.Core (>= 1.2.4) - restriction: && (>= net461) (>= netstandard1.6)
      Fable.PowerPack (>= 1.3) - restriction: && (>= net461) (>= netstandard1.6)
      FSharp.Core (>= 4.2.3) - restriction: && (>= net461) (>= netstandard1.6)
    Fable.Import.Browser (1.1.1) - restriction: && (>= net461) (>= netstandard1.6)
      Fable.Core (>= 1.3.7) - restriction: && (>= net461) (>= netstandard1.6)
      FSharp.Core (>= 4.2.3) - restriction: && (>= net461) (>= netstandard1.6)
    Fable.PowerPack (1.4) - restriction: && (>= net461) (>= netstandard1.6)
      Fable.Core (>= 1.3.8) - restriction: && (>= net461) (>= netstandard1.6)
      Fable.Import.Browser (>= 1.0) - restriction: && (>= net461) (>= netstandard1.6)
      FSharp.Core (>= 4.2.3) - restriction: && (>= net461) (>= netstandard1.6)
    FSharp.Core (4.2.3)
    Microsoft.Azure.Management.ResourceManager.Fluent (1.4.1)
      Microsoft.Rest.ClientRuntime.Azure (>= 3.3.10)
      Microsoft.Rest.ClientRuntime.Azure.Authentication (>= 2.3.1)
    Microsoft.IdentityModel.Clients.ActiveDirectory (3.19.1)
    Microsoft.NETCore.Platforms (2.0.1) - restriction: || (&& (>= monotouch) (>= net461)) (&& (< net45) (>= net461) (>= netstandard2.0)) (&& (>= net461) (>= netcoreapp2.0)) (&& (>= net461) (>= netstandard1.6)) (&& (>= net461) (>= xamarinios)) (&& (>= net461) (>= xamarinmac)) (&& (>= net461) (>= xamarintvos)) (&& (>= net461) (>= xamarinwatchos))
    Microsoft.Rest.ClientRuntime (2.3.10)
      Newtonsoft.Json (>= 6.0.8)
    Microsoft.Rest.ClientRuntime.Azure (3.3.10)
      Microsoft.Rest.ClientRuntime (>= 2.3.9 < 3.0)
      Newtonsoft.Json (>= 6.0.8)
    Microsoft.Rest.ClientRuntime.Azure.Authentication (2.3.2)
      Microsoft.IdentityModel.Clients.ActiveDirectory (>= 2.28.3 < 4.0)
      Microsoft.Rest.ClientRuntime (>= 2.3.9 < 3.0)
      Newtonsoft.Json (>= 6.0.8)
    NETStandard.Library (2.0.1) - restriction: && (>= net461) (>= netstandard1.6)
      Microsoft.NETCore.Platforms (>= 1.1)
    Newtonsoft.Json (10.0.3)
