RESTRICTION: >= net461
NUGET
  remote: https://www.nuget.org/api/v2
    FSharp.Core (4.2.3)
    Microsoft.Azure.Management.ResourceManager.Fluent (1.4.1)
      Microsoft.Rest.ClientRuntime.Azure (>= 3.3.10)
      Microsoft.Rest.ClientRuntime.Azure.Authentication (>= 2.3.1)
    Microsoft.IdentityModel.Clients.ActiveDirectory (3.19.1)
    Microsoft.Rest.ClientRuntime (2.3.10)
      Newtonsoft.Json (>= 6.0.8)
    Microsoft.Rest.ClientRuntime.Azure (3.3.10)
      Microsoft.Rest.ClientRuntime (>= 2.3.9 < 3.0)
      Newtonsoft.Json (>= 6.0.8)
    Microsoft.Rest.ClientRuntime.Azure.Authentication (2.3.2)
      Microsoft.IdentityModel.Clients.ActiveDirectory (>= 2.28.3 < 4.0)
      Microsoft.Rest.ClientRuntime (>= 2.3.9 < 3.0)
      Newtonsoft.Json (>= 6.0.8)
    Newtonsoft.Json (10.0.3)
